GEM
  remote: https://rubygems.org/
  specs:
    actioncable (5.1.6)
      actionpack (= 5.1.6)
      nio4r (~> 2.0)
      websocket-driver (~> 0.6.1)
    actionmailer (5.1.6)
      actionpack (= 5.1.6)
      actionview (= 5.1.6)
      activejob (= 5.1.6)
      mail (~> 2.5, >= 2.5.4)
      rails-dom-testing (~> 2.0)
    actionpack (5.1.6)
      actionview (= 5.1.6)
      activesupport (= 5.1.6)
      rack (~> 2.0)
      rack-test (>= 0.6.3)
      rails-dom-testing (~> 2.0)
      rails-html-sanitizer (~> 1.0, >= 1.0.2)
    actionview (5.1.6)
      activesupport (= 5.1.6)
      builder (~> 3.1)
      erubi (~> 1.4)
      rails-dom-testing (~> 2.0)
      rails-html-sanitizer (~> 1.0, >= 1.0.3)
    activejob (5.1.6)
      activesupport (= 5.1.6)
      globalid (>= 0.3.6)
    activemodel (5.1.6)
      activesupport (= 5.1.6)
    activerecord (5.1.6)
      activemodel (= 5.1.6)
      activesupport (= 5.1.6)
      arel (~> 8.0)
    activerecord-import (0.25.0)
      activerecord (>= 3.2)
    activesupport (5.1.6)
      concurrent-ruby (~> 1.0, >= 1.0.2)
      i18n (>= 0.7, < 2)
      minitest (~> 5.1)
      tzinfo (~> 1.1)
    addressable (2.5.2)
      public_suffix (>= 2.0.2, < 4.0)
    annotate (2.7.4)
      activerecord (>= 3.2, < 6.0)
      rake (>= 10.4, < 13.0)
    archive-zip (0.11.0)
      io-like (~> 0.3.0)
    arel (8.0.0)
    autoprefixer-rails (9.1.0)
      execjs
    bcrypt (3.1.12)
    bindex (0.5.0)
    bootstrap (4.1.3)
      autoprefixer-rails (>= 6.0.3)
      popper_js (>= 1.12.9, < 2)
      sass (>= 3.5.2)
    buftok (0.2.0)
    builder (3.2.3)
    byebug (10.0.2)
    capybara (3.5.1)
      addressable
      mini_mime (>= 0.1.3)
      nokogiri (~> 1.8)
      rack (>= 1.6.0)
      rack-test (>= 0.6.3)
      xpath (~> 3.1)
    childprocess (0.9.0)
      ffi (~> 1.0, >= 1.0.11)
    chromedriver-helper (1.2.0)
      archive-zip (~> 0.10)
      nokogiri (~> 1.8)
    chronic (0.10.2)
    coderay (1.1.2)
    coffee-rails (4.2.2)
      coffee-script (>= 2.2.0)
      railties (>= 4.0.0)
    coffee-script (2.4.1)
      coffee-script-source
      execjs
    coffee-script-source (1.12.2)
    concurrent-ruby (1.0.5)
    crass (1.0.4)
    database_cleaner (1.7.0)
    devise (4.4.3)
      bcrypt (~> 3.0)
      orm_adapter (~> 0.1)
      railties (>= 4.1.0, < 6.0)
      responders
      warden (~> 1.2.3)
    diff-lcs (1.3)
    domain_name (0.5.20180417)
      unf (>= 0.0.5, < 1.0.0)
    dotenv (2.5.0)
    dotenv-rails (2.5.0)
      dotenv (= 2.5.0)
      railties (>= 3.2, < 6.0)
    equalizer (0.0.11)
    erb2haml (0.1.5)
      html2haml
    erubi (1.7.1)
    erubis (2.7.0)
    execjs (2.7.0)
    factory_bot (4.10.0)
      activesupport (>= 3.0.0)
    factory_bot_rails (4.10.0)
      factory_bot (~> 4.10.0)
      railties (>= 3.0.0)
    faker (1.9.1)
      i18n (>= 0.7)
    ffi (1.9.25)
    font-awesome-rails (4.7.0.4)
      railties (>= 3.2, < 6.0)
    formatador (0.2.5)
    globalid (0.4.1)
      activesupport (>= 4.2.0)
    gon (6.2.1)
      actionpack (>= 3.0)
      multi_json
      request_store (>= 1.0)
    google-analytics-rails (1.1.1)
    guard (2.14.2)
      formatador (>= 0.2.4)
      listen (>= 2.7, < 4.0)
      lumberjack (>= 1.0.12, < 2.0)
      nenv (~> 0.1)
      notiffany (~> 0.0)
      pry (>= 0.9.12)
      shellany (~> 0.0)
      thor (>= 0.18.1)
    guard-compat (1.2.1)
    guard-rspec (4.7.3)
      guard (~> 2.1)
      guard-compat (~> 1.1)
      rspec (>= 2.99.0, < 4.0)
    haml (5.0.4)
      temple (>= 0.8.0)
      tilt
    haml-rails (1.0.0)
      actionpack (>= 4.0.1)
      activesupport (>= 4.0.1)
      haml (>= 4.0.6, < 6.0)
      html2haml (>= 1.0.1)
      railties (>= 4.0.1)
    hashie (3.5.7)
    html2haml (2.2.0)
      erubis (~> 2.7.0)
      haml (>= 4.0, < 6)
      nokogiri (>= 1.6.0)
      ruby_parser (~> 3.5)
    http (3.3.0)
      addressable (~> 2.3)
      http-cookie (~> 1.0)
      http-form_data (~> 2.0)
      http_parser.rb (~> 0.6.0)
    http-cookie (1.0.3)
      domain_name (~> 0.5)
    http-form_data (2.1.1)
    http_parser.rb (0.6.0)
    i18n (1.0.1)
      concurrent-ruby (~> 1.0)
    io-like (0.3.0)
    jbuilder (2.7.0)
      activesupport (>= 4.2.0)
      multi_json (>= 1.2)
    jquery-rails (4.3.3)
      rails-dom-testing (>= 1, < 3)
      railties (>= 4.2.0)
      thor (>= 0.14, < 2.0)
    jquery-turbolinks (2.1.0)
      railties (>= 3.1.0)
      turbolinks
    jquery-ui-rails (6.0.1)
      railties (>= 3.2.16)
    jquery-validation-rails (1.16.0)
    kaminari (1.1.1)
      activesupport (>= 4.1.0)
      kaminari-actionview (= 1.1.1)
      kaminari-activerecord (= 1.1.1)
      kaminari-core (= 1.1.1)
    kaminari-actionview (1.1.1)
      actionview
      kaminari-core (= 1.1.1)
    kaminari-activerecord (1.1.1)
      activerecord
      kaminari-core (= 1.1.1)
    kaminari-bootstrap (3.0.1)
      kaminari (>= 0.13.0)
      rails
    kaminari-core (1.1.1)
    launchy (2.4.3)
      addressable (~> 2.3)
    listen (3.1.5)
      rb-fsevent (~> 0.9, >= 0.9.4)
      rb-inotify (~> 0.9, >= 0.9.7)
      ruby_dep (~> 1.2)
    lograge (0.10.0)
      actionpack (>= 4)
      activesupport (>= 4)
      railties (>= 4)
      request_store (~> 1.0)
    loofah (2.2.2)
      crass (~> 1.0.2)
      nokogiri (>= 1.5.9)
    lumberjack (1.0.13)
    mail (2.7.0)
      mini_mime (>= 0.1.1)
    memoizable (0.4.2)
      thread_safe (~> 0.3, >= 0.3.1)
    method_source (0.9.0)
    mini_mime (1.0.0)
    mini_portile2 (2.3.0)
    minitest (5.11.3)
    multi_json (1.13.1)
    multipart-post (2.0.0)
    mustermann (1.0.2)
    naught (1.1.0)
    nenv (0.3.0)
    nio4r (2.3.1)
    nokogiri (1.8.4)
      mini_portile2 (~> 2.3.0)
    notiffany (0.1.1)
      nenv (~> 0.1)
      shellany (~> 0.0)
    oauth (0.5.4)
    omniauth (1.8.1)
      hashie (>= 3.4.6, < 3.6.0)
      rack (>= 1.6.2, < 3)
    omniauth-oauth (1.1.0)
      oauth
      omniauth (~> 1.0)
    omniauth-twitter (1.4.0)
      omniauth-oauth (~> 1.1)
      rack
    orm_adapter (0.5.0)
    pg (0.21.0)
    popper_js (1.14.3)
    pry (0.11.3)
      coderay (~> 1.1.0)
      method_source (~> 0.9.0)
    public_suffix (3.0.2)
    puma (3.12.0)
    rack (2.0.5)
    rack-protection (2.0.3)
      rack
    rack-test (1.1.0)
      rack (>= 1.0, < 3)
    rails (5.1.6)
      actioncable (= 5.1.6)
      actionmailer (= 5.1.6)
      actionpack (= 5.1.6)
      actionview (= 5.1.6)
      activejob (= 5.1.6)
      activemodel (= 5.1.6)
      activerecord (= 5.1.6)
      activesupport (= 5.1.6)
      bundler (>= 1.3.0)
      railties (= 5.1.6)
      sprockets-rails (>= 2.0.0)
    rails-controller-testing (1.0.2)
      actionpack (~> 5.x, >= 5.0.1)
      actionview (~> 5.x, >= 5.0.1)
      activesupport (~> 5.x)
    rails-dom-testing (2.0.3)
      activesupport (>= 4.2.0)
      nokogiri (>= 1.6)
    rails-html-sanitizer (1.0.4)
      loofah (~> 2.2, >= 2.2.2)
    railties (5.1.6)
      actionpack (= 5.1.6)
      activesupport (= 5.1.6)
      method_source
      rake (>= 0.8.7)
      thor (>= 0.18.1, < 2.0)
    rake (12.3.1)
    rb-fsevent (0.10.3)
    rb-inotify (0.9.10)
      ffi (>= 0.5.0, < 2)
    rename (1.0.6)
      activesupport
      rails (>= 3.0.0)
      thor (>= 0.19.1)
    request_store (1.4.1)
      rack (>= 1.4)
    responders (2.4.0)
      actionpack (>= 4.2.0, < 5.3)
      railties (>= 4.2.0, < 5.3)
    rspec (3.8.0)
      rspec-core (~> 3.8.0)
      rspec-expectations (~> 3.8.0)
      rspec-mocks (~> 3.8.0)
    rspec-core (3.8.0)
      rspec-support (~> 3.8.0)
    rspec-expectations (3.8.0)
      diff-lcs (>= 1.2.0, < 2.0)
      rspec-support (~> 3.8.0)
    rspec-mocks (3.8.0)
      diff-lcs (>= 1.2.0, < 2.0)
      rspec-support (~> 3.8.0)
    rspec-rails (3.8.0)
      actionpack (>= 3.0)
      activesupport (>= 3.0)
      railties (>= 3.0)
      rspec-core (~> 3.8.0)
      rspec-expectations (~> 3.8.0)
      rspec-mocks (~> 3.8.0)
      rspec-support (~> 3.8.0)
    rspec-support (3.8.0)
    ruby_dep (1.5.0)
    ruby_parser (3.11.0)
      sexp_processor (~> 4.9)
    rubyzip (1.2.1)
    sass (3.5.7)
      sass-listen (~> 4.0.0)
    sass-listen (4.0.0)
      rb-fsevent (~> 0.9, >= 0.9.4)
      rb-inotify (~> 0.9, >= 0.9.7)
    sass-rails (5.0.7)
      railties (>= 4.0.0, < 6)
      sass (~> 3.1)
      sprockets (>= 2.8, < 4.0)
      sprockets-rails (>= 2.0, < 4.0)
      tilt (>= 1.1, < 3)
    selenium-webdriver (3.14.0)
      childprocess (~> 0.5)
      rubyzip (~> 1.2)
    serviceworker-rails (0.5.5)
      railties (>= 3.1)
    sexp_processor (4.11.0)
    shellany (0.0.1)
    shoulda-matchers (3.1.2)
      activesupport (>= 4.0.0)
    simple_enum (2.3.2)
      activesupport (>= 4.0.0)
    simple_form (4.0.1)
      actionpack (>= 5.0)
      activemodel (>= 5.0)
    simple_oauth (0.3.1)
    sinatra (2.0.3)
      mustermann (~> 1.0)
      rack (~> 2.0)
      rack-protection (= 2.0.3)
      tilt (~> 2.0)
    slack-notifier (2.3.2)
    spring (2.0.2)
      activesupport (>= 4.2)
    spring-commands-rspec (1.0.4)
      spring (>= 0.9.1)
    spring-watcher-listen (2.0.1)
      listen (>= 2.7, < 4.0)
      spring (>= 1.2, < 3.0)
    sprockets (3.7.2)
      concurrent-ruby (~> 1.0)
      rack (> 1, < 3)
    sprockets-rails (3.2.1)
      actionpack (>= 4.0)
      activesupport (>= 4.0)
      sprockets (>= 3.0.0)
    temple (0.8.0)
    thor (0.20.0)
    thread_safe (0.3.6)
    tilt (2.0.8)
    turbolinks (5.1.1)
      turbolinks-source (~> 5.1)
    turbolinks-source (5.1.0)
    twitter (6.2.0)
      addressable (~> 2.3)
      buftok (~> 0.2.0)
      equalizer (~> 0.0.11)
      http (~> 3.0)
      http-form_data (~> 2.0)
      http_parser.rb (~> 0.6.0)
      memoizable (~> 0.4.0)
      multipart-post (~> 2.0)
      naught (~> 1.0)
      simple_oauth (~> 0.3.0)
    tzinfo (1.2.5)
      thread_safe (~> 0.1)
    uglifier (4.1.17)
      execjs (>= 0.3.0, < 3)
    unf (0.1.4)
      unf_ext
    unf_ext (0.0.7.5)
    warden (1.2.7)
      rack (>= 1.0)
    web-console (3.6.2)
      actionview (>= 5.0)
      activemodel (>= 5.0)
      bindex (>= 0.4.0)
      railties (>= 5.0)
    websocket-driver (0.6.5)
      websocket-extensions (>= 0.1.0)
    websocket-extensions (0.1.3)
    whenever (0.10.0)
      chronic (>= 0.6.3)
    xpath (3.1.0)
      nokogiri (~> 1.8)

PLATFORMS
  ruby

DEPENDENCIES
  activerecord-import
  addressable
  annotate
  bootstrap
  byebug
  capybara
  chromedriver-helper
  coffee-rails (~> 4.2)
  database_cleaner
  devise
  dotenv-rails
  erb2haml
  factory_bot_rails
  faker
  font-awesome-rails
  gon
  google-analytics-rails
  guard-rspec
  haml-rails
  jbuilder (~> 2.5)
  jquery-rails
  jquery-turbolinks
  jquery-ui-rails
  jquery-validation-rails
  kaminari
  kaminari-bootstrap
  launchy
  listen (>= 3.0.5, < 3.2)
  lograge
  omniauth
  omniauth-twitter
  pg (~> 0.18)
  puma (~> 3.7)
  rails (~> 5.1.4)
  rails-controller-testing
  rename
  rspec-rails
  sass-rails (~> 5.0)
  selenium-webdriver
  serviceworker-rails
  shoulda-matchers
  simple_enum
  simple_form
  sinatra
  slack-notifier
  spring
  spring-commands-rspec
  spring-watcher-listen (~> 2.0.0)
  turbolinks (~> 5)
  twitter
  tzinfo-data
  uglifier (>= 1.3.0)
  web-console (>= 3.3.0)
  whenever

BUNDLED WITH
   1.16.3
